GEM
  remote: https://rubygems.org/
  specs:
    kramdown (2.3.0)
      rexml
    rexml (3.2.4)
    yard (0.9.25)

PLATFORMS
  java
  universal-java-11

DEPENDENCIES
  kramdown
  yard (>= 0.9.20)

BUNDLED WITH
   2.2.33
