GIT
  remote: https://github.com/archivesspace/mizuno
  revision: d5c963a70c3ea6144df941801975179b03dfaa5c
  branch: master
  specs:
    mizuno (9.4.44)
      childprocess (>= 0.2.6)
      choice (>= 0.1.0)
      ffi (>= 1.0.0)
      rack (>= 1.0.0)

GEM
  remote: https://rubygems.org/
  specs:
    activesupport (6.1.4.1)
      concurrent-ruby (~> 1.0, >= 1.0.2)
      i18n (>= 1.6, < 2)
      minitest (>= 5.1)
      tzinfo (~> 2.0)
      zeitwerk (~> 2.3)
    addressable (2.8.0)
      public_suffix (>= 2.0.2, < 5.0)
    atomic (1.1.101-java)
    backports (3.21.0)
    bcrypt (3.1.16-java)
    builder (3.2.4)
    childprocess (4.1.0)
    choice (0.2.0)
    concurrent-ruby (1.1.9)
    connection_pool (2.2.5)
    crass (1.0.6)
    diff-lcs (1.4.4)
    docile (1.4.0)
    factory_bot (6.2.0)
      activesupport (>= 5.0.0)
    faraday (1.8.0)
      faraday-em_http (~> 1.0)
      faraday-em_synchrony (~> 1.0)
      faraday-excon (~> 1.1)
      faraday-httpclient (~> 1.0.1)
      faraday-net_http (~> 1.0)
      faraday-net_http_persistent (~> 1.1)
      faraday-patron (~> 1.0)
      faraday-rack (~> 1.0)
      multipart-post (>= 1.2, < 3)
      ruby2_keywords (>= 0.0.4)
    faraday-em_http (1.0.0)
    faraday-em_synchrony (1.0.0)
    faraday-excon (1.1.0)
    faraday-httpclient (1.0.1)
    faraday-net_http (1.0.1)
    faraday-net_http_persistent (1.2.0)
    faraday-patron (1.0.0)
    faraday-rack (1.0.0)
    faraday_middleware (1.2.0)
      faraday (~> 1.0)
    fastimage (2.2.5)
    ffi (1.15.4-java)
    i18n (1.8.7)
      concurrent-ruby (~> 1.0)
    jdbc-derby (10.12.1.1)
    jdbc-mysql (8.0.17)
    jruby-jars (9.3.2.0)
    jruby-rack (1.1.21)
    json (2.6.1-java)
    json-schema (2.8.1)
      addressable (>= 2.4)
    ladle (0.2.0-java)
    loofah (2.12.0)
      crass (~> 1.0.2)
      nokogiri (>= 1.5.9)
    minitest (5.14.4)
    multi_json (1.15.0)
    multipart-post (2.1.1)
    mustermann (1.1.1)
      ruby2_keywords (~> 0.0.1)
    net-http-persistent (4.0.1)
      connection_pool (~> 2.2)
    net-ldap (0.16.3)
    nokogiri (1.12.5-java)
      racc (~> 1.4)
    oai (0.4.0)
      builder (>= 3.1.0)
      faraday
      faraday_middleware
    public_suffix (4.0.6)
    racc (1.6.0-java)
    rack (2.2.3)
    rack-protection (2.0.5)
      rack
    rack-session-sequel (0.0.1)
      rack
      sequel
    rack-test (1.1.0)
      rack (>= 1.0, < 3)
    rake (13.0.6)
    rjack-jackson (1.8.11.0-java)
    rrtf (1.3.1)
      fastimage
      nokogiri
      tidy
    rspec (3.10.0)
      rspec-core (~> 3.10.0)
      rspec-expectations (~> 3.10.0)
      rspec-mocks (~> 3.10.0)
    rspec-core (3.10.1)
      rspec-support (~> 3.10.0)
    rspec-expectations (3.10.1)
      diff-lcs (>= 1.2.0, < 2.0)
      rspec-support (~> 3.10.0)
    rspec-mocks (3.10.2)
      diff-lcs (>= 1.2.0, < 2.0)
      rspec-support (~> 3.10.0)
    rspec-retry (0.6.2)
      rspec-core (> 3.3)
    rspec-support (3.10.3)
    ruby2_keywords (0.0.5)
    rubyXL (3.4.18)
      nokogiri (>= 1.10.8)
      rubyzip (>= 1.3.0)
    rubyzip (1.3.0)
    rufus-lru (1.0.5)
    rufus-scheduler (2.0.24)
      tzinfo (>= 0.3.22)
    saxerator (0.9.2)
      nokogiri (>= 1.4.0)
    saxon-rb (0.8.3-java)
    sequel (5.9.0)
    simplecov (0.21.2)
      docile (~> 1.1)
      simplecov-html (~> 0.11)
      simplecov_json_formatter (~> 0.1)
    simplecov-html (0.12.3)
    simplecov_json_formatter (0.1.3)
    sinatra (2.0.5)
      mustermann (~> 1.0)
      rack (~> 2.0)
      rack-protection (= 2.0.5)
      tilt (~> 2.0)
    sinatra-contrib (2.0.5)
      backports (>= 2.8.2)
      multi_json
      mustermann (~> 1.0)
      rack-protection (= 2.0.5)
      sinatra (= 2.0.5)
      tilt (>= 1.3, < 3)
    tidy (1.1.2)
    tilt (2.0.10)
    tzinfo (2.0.4)
      concurrent-ruby (~> 1.0)
    tzinfo-data (1.2021.5)
      tzinfo (>= 1.0.0)
    warbler (2.0.5)
      jruby-jars (>= 9.0.0.0)
      jruby-rack (>= 1.1.1, < 1.3)
      rake (>= 10.1.0)
      rubyzip (~> 1.0, < 1.4)
    zeitwerk (2.5.1)
    zip-zip (0.3)
      rubyzip (>= 1.0.0)

PLATFORMS
  universal-java-11

DEPENDENCIES
  activesupport
  atomic
  bcrypt
  childprocess
  factory_bot
  i18n (<= 1.8.7)
  jdbc-derby
  jdbc-mysql (>= 8.0)
  jruby-jars (= 9.3.2.0)
  json
  json-schema
  ladle (= 0.2.0)
  loofah
  mizuno!
  multi_json
  multipart-post
  net-http-persistent
  net-ldap (~> 0.16.0)
  nokogiri
  oai (= 0.4.0)
  rack-session-sequel (= 0.0.1)
  rack-test (~> 1.1.0)
  rjack-jackson (= 1.8.11.0)
  rrtf
  rspec
  rspec-core
  rspec-retry
  rubyXL (~> 3.4, >= 3.4.9)
  rubyzip
  rufus-lru (= 1.0.5)
  rufus-scheduler (~> 2.0.24)
  saxerator (= 0.9.2)
  saxon-rb (~> 0.8.3)
  sequel (~> 5.9.0)
  simplecov
  sinatra (= 2.0.5)
  sinatra-contrib (= 2.0.5)
  tzinfo-data
  warbler (= 2.0.5)
  zip-zip

BUNDLED WITH
   2.2.33
