GIT
  remote: https://github.com/archivesspace/mizuno
  revision: d5c963a70c3ea6144df941801975179b03dfaa5c
  branch: master
  specs:
    mizuno (9.4.44)
      childprocess (>= 0.2.6)
      choice (>= 0.1.0)
      ffi (>= 1.0.0)
      rack (>= 1.0.0)

GEM
  remote: https://rubygems.org/
  specs:
    actioncable (6.1.4)
      actionpack (= 6.1.4)
      activesupport (= 6.1.4)
      nio4r (~> 2.0)
      websocket-driver (>= 0.6.1)
    actionmailbox (6.1.4)
      actionpack (= 6.1.4)
      activejob (= 6.1.4)
      activerecord (= 6.1.4)
      activestorage (= 6.1.4)
      activesupport (= 6.1.4)
      mail (>= 2.7.1)
    actionmailer (6.1.4)
      actionpack (= 6.1.4)
      actionview (= 6.1.4)
      activejob (= 6.1.4)
      activesupport (= 6.1.4)
      mail (~> 2.5, >= 2.5.4)
      rails-dom-testing (~> 2.0)
    actionpack (6.1.4)
      actionview (= 6.1.4)
      activesupport (= 6.1.4)
      rack (~> 2.0, >= 2.0.9)
      rack-test (>= 0.6.3)
      rails-dom-testing (~> 2.0)
      rails-html-sanitizer (~> 1.0, >= 1.2.0)
    actiontext (6.1.4)
      actionpack (= 6.1.4)
      activerecord (= 6.1.4)
      activestorage (= 6.1.4)
      activesupport (= 6.1.4)
      nokogiri (>= 1.8.5)
    actionview (6.1.4)
      activesupport (= 6.1.4)
      builder (~> 3.1)
      erubi (~> 1.4)
      rails-dom-testing (~> 2.0)
      rails-html-sanitizer (~> 1.1, >= 1.2.0)
    activejob (6.1.4)
      activesupport (= 6.1.4)
      globalid (>= 0.3.6)
    activemodel (6.1.4)
      activesupport (= 6.1.4)
    activerecord (6.1.4)
      activemodel (= 6.1.4)
      activesupport (= 6.1.4)
    activestorage (6.1.4)
      actionpack (= 6.1.4)
      activejob (= 6.1.4)
      activerecord (= 6.1.4)
      activesupport (= 6.1.4)
      marcel (~> 1.0.0)
      mini_mime (>= 1.1.0)
    activesupport (6.1.4)
      concurrent-ruby (~> 1.0, >= 1.0.2)
      i18n (>= 1.6, < 2)
      minitest (>= 5.1)
      tzinfo (~> 2.0)
      zeitwerk (~> 2.3)
    addressable (2.8.0)
      public_suffix (>= 2.0.2, < 5.0)
    atomic (1.1.101-java)
    autoprefixer-rails (10.3.3.0)
      execjs (~> 2)
    axe-core-api (4.3.2)
      dumb_delegator
      virtus
    axe-core-rspec (4.3.2)
      axe-core-api
      dumb_delegator
      virtus
    axiom-types (0.1.1)
      descendants_tracker (~> 0.0.4)
      ice_nine (~> 0.11.0)
      thread_safe (~> 0.3, >= 0.3.1)
    benchmark-malloc (0.2.0)
    benchmark-perf (0.6.0)
    benchmark-trend (0.4.0)
    bootstrap-sass (3.4.1)
      autoprefixer-rails (>= 5.2.1)
      sassc (>= 2.0.0)
    builder (3.2.4)
    capybara (3.36.0)
      addressable
      matrix
      mini_mime (>= 0.1.3)
      nokogiri (~> 1.8)
      rack (>= 1.6.0)
      rack-test (>= 0.6.3)
      regexp_parser (>= 1.5, < 3.0)
      xpath (~> 3.2)
    childprocess (4.1.0)
    choice (0.2.0)
    clipboard-rails (1.7.1)
    coercible (1.0.0)
      descendants_tracker (~> 0.0.1)
    coffee-rails (4.2.2)
      coffee-script (>= 2.2.0)
      railties (>= 4.0.0)
    coffee-script (2.4.1)
      coffee-script-source
      execjs
    coffee-script-source (1.12.2)
    concurrent-ruby (1.1.9)
    connection_pool (2.2.5)
    crass (1.0.6)
    descendants_tracker (0.0.4)
      thread_safe (~> 0.3, >= 0.3.1)
    diff-lcs (1.4.4)
    docile (1.4.0)
    dumb_delegator (1.0.0)
    erubi (1.10.0)
    excon (0.89.0)
    execjs (2.8.1)
    factory_bot (6.2.0)
      activesupport (>= 5.0.0)
    factory_bot_rails (6.2.0)
      factory_bot (~> 6.2.0)
      railties (>= 5.0.0)
    ffi (1.15.4-java)
    fog-aws (2.0.0)
      fog-core (~> 1.38)
      fog-json (~> 1.0)
      fog-xml (~> 0.1)
      ipaddress (~> 0.8)
    fog-core (1.45.0)
      builder
      excon (~> 0.58)
      formatador (~> 0.2)
    fog-json (1.2.0)
      fog-core
      multi_json (~> 1.10)
    fog-xml (0.1.4)
      fog-core
      nokogiri (>= 1.5.11, < 2.0.0)
    font-awesome-sass (5.15.1)
      sassc (>= 1.11)
    formatador (0.3.0)
    globalid (1.0.0)
      activesupport (>= 5.0)
    htmlentities (4.3.4)
    i18n (1.8.7)
      concurrent-ruby (~> 1.0)
    ice_nine (0.11.2)
    ipaddress (0.8.3)
    jquery-rails (4.4.0)
      rails-dom-testing (>= 1, < 3)
      railties (>= 4.2.0)
      thor (>= 0.14, < 2.0)
    jruby-jars (9.3.2.0)
    json (2.6.1-java)
    json-schema (2.8.1)
      addressable (>= 2.4)
    launchy (2.5.0)
      addressable (~> 2.7)
    listen (3.7.0)
      rb-fsevent (~> 0.10, >= 0.10.3)
      rb-inotify (~> 0.9, >= 0.9.10)
    loofah (2.12.0)
      crass (~> 1.0.2)
      nokogiri (>= 1.5.9)
    mail (2.7.1)
      mini_mime (>= 0.1.1)
    marcel (1.0.2)
    matrix (0.4.2)
    method_source (1.0.0)
    mini_mime (1.1.2)
    minitest (5.14.4)
    multi_json (1.15.0)
    multipart-post (2.1.1)
    net-http-persistent (4.0.1)
      connection_pool (~> 2.2)
    nio4r (2.5.8-java)
    nokogiri (1.12.5-java)
      racc (~> 1.4)
    public_suffix (4.0.6)
    racc (1.6.0-java)
    rack (2.2.3)
    rack-test (1.1.0)
      rack (>= 1.0, < 3)
    rails (6.1.4)
      actioncable (= 6.1.4)
      actionmailbox (= 6.1.4)
      actionmailer (= 6.1.4)
      actionpack (= 6.1.4)
      actiontext (= 6.1.4)
      actionview (= 6.1.4)
      activejob (= 6.1.4)
      activemodel (= 6.1.4)
      activerecord (= 6.1.4)
      activestorage (= 6.1.4)
      activesupport (= 6.1.4)
      bundler (>= 1.15.0)
      railties (= 6.1.4)
      sprockets-rails (>= 2.0.0)
    rails-controller-testing (1.0.5)
      actionpack (>= 5.0.1.rc1)
      actionview (>= 5.0.1.rc1)
      activesupport (>= 5.0.1.rc1)
    rails-dom-testing (2.0.3)
      activesupport (>= 4.2.0)
      nokogiri (>= 1.6)
    rails-html-sanitizer (1.4.2)
      loofah (~> 2.3)
    railties (6.1.4)
      actionpack (= 6.1.4)
      activesupport (= 6.1.4)
      method_source
      rake (>= 0.13)
      thor (~> 1.0)
    rake (13.0.6)
    rb-fsevent (0.11.0)
    rb-inotify (0.10.1)
      ffi (~> 1.0)
    regexp_parser (2.2.0)
    rexml (3.2.5)
    rspec (3.10.0)
      rspec-core (~> 3.10.0)
      rspec-expectations (~> 3.10.0)
      rspec-mocks (~> 3.10.0)
    rspec-benchmark (0.6.0)
      benchmark-malloc (~> 0.2)
      benchmark-perf (~> 0.6)
      benchmark-trend (~> 0.4)
      rspec (>= 3.0)
    rspec-core (3.10.1)
      rspec-support (~> 3.10.0)
    rspec-expectations (3.10.1)
      diff-lcs (>= 1.2.0, < 2.0)
      rspec-support (~> 3.10.0)
    rspec-mocks (3.10.2)
      diff-lcs (>= 1.2.0, < 2.0)
      rspec-support (~> 3.10.0)
    rspec-rails (5.0.2)
      actionpack (>= 5.2)
      activesupport (>= 5.2)
      railties (>= 5.2)
      rspec-core (~> 3.10)
      rspec-expectations (~> 3.10)
      rspec-mocks (~> 3.10)
      rspec-support (~> 3.10)
    rspec-retry (0.6.2)
      rspec-core (> 3.3)
    rspec-support (3.10.3)
    rubyzip (2.3.2)
    sass-rails (6.0.0)
      sassc-rails (~> 2.1, >= 2.1.1)
    sassc (2.4.0)
      ffi (~> 1.9)
    sassc-rails (2.1.2)
      railties (>= 4.0.0)
      sassc (>= 2.0)
      sprockets (> 3.0)
      sprockets-rails
      tilt
    selenium-webdriver (4.1.0)
      childprocess (>= 0.5, < 5.0)
      rexml (~> 3.2, >= 3.2.5)
      rubyzip (>= 1.2.2)
    simplecov (0.21.2)
      docile (~> 1.1)
      simplecov-html (~> 0.11)
      simplecov_json_formatter (~> 0.1)
    simplecov-html (0.12.3)
    simplecov_json_formatter (0.1.3)
    sprockets (4.0.2)
      concurrent-ruby (~> 1.0)
      rack (> 1, < 3)
    sprockets-rails (3.4.1)
      actionpack (>= 5.2)
      activesupport (>= 5.2)
      sprockets (>= 3.0.0)
    therubyrhino (2.1.2)
      therubyrhino_jar (>= 1.7.4, < 1.7.9)
    therubyrhino_jar (1.7.8)
    thor (1.1.0)
    thread_safe (0.3.6-java)
    tilt (2.0.10)
    turbolinks (5.2.1)
      turbolinks-source (~> 5.2)
    turbolinks-source (5.2.0)
    tzinfo (2.0.4)
      concurrent-ruby (~> 1.0)
    tzinfo-data (1.2021.5)
      tzinfo (>= 1.0.0)
    uglifier (3.0.4)
      execjs (>= 0.3.0, < 3)
    virtus (2.0.0)
      axiom-types (~> 0.1)
      coercible (~> 1.0)
      descendants_tracker (~> 0.0, >= 0.0.3)
    websocket-driver (0.7.5-java)
      websocket-extensions (>= 0.1.0)
    websocket-extensions (0.1.5)
    xpath (3.2.0)
      nokogiri (~> 1.8)
    zeitwerk (2.5.1)

PLATFORMS
  universal-java-11

DEPENDENCIES
  activesupport
  atomic
  axe-core-rspec
  bootstrap-sass
  capybara
  clipboard-rails
  coffee-rails (= 4.2.2)
  excon (>= 0.76.0)
  factory_bot
  factory_bot_rails
  fog-aws (= 2.0.0)
  font-awesome-sass
  htmlentities
  i18n (<= 1.8.7)
  jquery-rails
  jruby-jars (= 9.3.2.0)
  json
  json-schema
  launchy
  listen
  loofah
  mizuno!
  multipart-post
  net-http-persistent
  nokogiri
  rails (= 6.1.4)
  rails-controller-testing
  rspec
  rspec-benchmark
  rspec-core
  rspec-rails
  rspec-retry
  rubyzip
  sass-rails
  selenium-webdriver
  simplecov
  sprockets-rails
  therubyrhino
  turbolinks (~> 5)
  tzinfo-data
  uglifier (= 3.0.4)

BUNDLED WITH
   2.2.33
